GEM
  remote: https://rubygems.org/
  specs:
    addressable (2.3.2)
    crack (0.3.1)
    webmock (1.9.0)
      addressable (>= 2.2.7)
      crack (>= 0.1.7)

PLATFORMS
  ruby

DEPENDENCIES
  webmock (= 1.9.0)

RUBY VERSION
   ruby 2.3.3p222

BUNDLED WITH
   1.16.2
