GIT
  remote: git://github.com/cloudability/makara.git
  revision: 8553b4117a5ce89e4915af364f25b16f5dc0ceb4
  specs:
    makara (0.2.0.beta9)
      activerecord (>= 3.0.0)

GIT
  remote: git://github.com/cloudability/ruby-ejs.git
  revision: 727348b2fc607de8277eeb114b8035b01c338a24
  specs:
    ejs (1.1.1)

GIT
  remote: git://github.com/groupme/resque-multi-job-forks.git
  revision: fb60a7c680b68ef3c32ebe988bd0bb138e0b105a
  specs:
    resque-multi-job-forks (0.3.1)
      json
      resque (~> 1.15)

GIT
  remote: https://github.com/cloudability/dalli.git
  revision: 7c38f7f2e46aada9d29ad2ca5f60d7f19a18c013
  specs:
    dalli (2.7.2)

GIT
  remote: https://github.com/cloudability/money.git
  revision: af766c27c504505295785abfe12f3bea5de299a8
  specs:
    money (5.1.0)
      i18n (~> 0.6.0)

GIT
  remote: https://github.com/thoughtbot/factory_girl.git
  revision: e85c0086aac30de511d48d73cf5bb698405c12e0
  specs:
    factory_girl (4.1.0)
      activesupport (>= 3.0.0)

GIT
  remote: https://github.com/thoughtbot/factory_girl_rails.git
  revision: 976e4a6f963dc063faeade2cabe0764674050d52
  specs:
    factory_girl_rails (4.1.0)
      factory_girl (~> 4.1.0)
      railties (>= 3.0.0)

GEM
  remote: https://rubygems.org/
  remote: https://sxoyH3q5zSRMmuEaewXR@gem.fury.io/cloudabilityadminfurious/
  specs:
    actionmailer (3.2.21)
      actionpack (= 3.2.21)
      mail (~> 2.5.4)
    actionpack (3.2.21)
      activemodel (= 3.2.21)
      activesupport (= 3.2.21)
      builder (~> 3.0.0)
      erubis (~> 2.7.0)
      journey (~> 1.0.4)
      rack (~> 1.4.5)
      rack-cache (~> 1.2)
      rack-test (~> 0.6.1)
      sprockets (~> 2.2.1)
    activeadmin (0.5.1)
      arbre (>= 1.0.1)
      bourbon (>= 1.0.0)
      devise (>= 1.1.2)
      fastercsv
      formtastic (>= 2.0.0)
      inherited_resources (>= 1.3.1)
      jquery-rails (>= 1.0.0)
      kaminari (>= 0.13.0)
      meta_search (>= 0.9.2)
      rails (>= 3.0.0)
      sass (>= 3.1.0)
    activemodel (3.2.21)
      activesupport (= 3.2.21)
      builder (~> 3.0.0)
    activerecord (3.2.21)
      activemodel (= 3.2.21)
      activesupport (= 3.2.21)
      arel (~> 3.0.2)
      tzinfo (~> 0.3.29)
    activeresource (3.2.21)
      activemodel (= 3.2.21)
      activesupport (= 3.2.21)
    activesupport (3.2.21)
      i18n (~> 0.6, >= 0.6.4)
      multi_json (~> 1.0)
    addressable (2.3.2)
    airbrake (4.0.0)
      builder
      multi_json
    analytics-ruby (1.0.0)
    arbre (1.0.1)
      activesupport (>= 3.0.0)
    arel (3.0.3)
    asset_sync (1.1.0)
      activemodel
      fog (>= 1.8.0)
      unf
    awesome_nested_set (2.1.5)
      activerecord (>= 3.0.0)
    aws-partitions (1.23.0)
    aws-sdk-core (3.6.0)
      aws-partitions (~> 1.0)
      aws-sigv4 (~> 1.0)
      jmespath (~> 1.0)
    aws-sdk-marketplaceentitlementservice (1.0.0)
      aws-sdk-core (~> 3)
      aws-sigv4 (~> 1.0)
    aws-sdk-marketplacemetering (1.0.0)
      aws-sdk-core (~> 3)
      aws-sigv4 (~> 1.0)
    aws-sdk-v1 (1.67.0)
      json (~> 1.4)
      nokogiri (~> 1)
    aws-sigv4 (1.0.2)
    axiom-types (0.1.1)
      descendants_tracker (~> 0.0.4)
      ice_nine (~> 0.11.0)
      thread_safe (~> 0.3, >= 0.3.1)
    axlsx (1.3.6)
      htmlentities (~> 4.3.1)
      nokogiri (>= 1.4.1)
      rubyzip (>= 0.9.5)
    bcrypt-ruby (3.1.2)
    bitly-oauth (0.2.3)
      httparty
      oauth2
    bourbon (3.0.1)
      sass (>= 3.2.0)
      thor
    brwsr (1.1.1)
    builder (3.0.4)
    byebug (2.7.0)
      columnize (~> 0.3)
      debugger-linecache (~> 1.2)
    cancan (1.6.10)
    capybara (2.0.1)
      mime-types (>= 1.16)
      nokogiri (>= 1.3.3)
      rack (>= 1.0.0)
      rack-test (>= 0.5.4)
      selenium-webdriver (~> 2.0)
      xpath (~> 1.0.0)
    childprocess (0.5.1)
      ffi (~> 1.0, >= 1.0.11)
    chronic (0.10.2)
    chunky_png (1.2.6)
    coderay (1.1.0)
    coercible (1.0.0)
      descendants_tracker (~> 0.0.1)
    coffee-rails (3.2.2)
      coffee-script (>= 2.2.0)
      railties (~> 3.2.0)
    coffee-script (2.2.0)
      coffee-script-source
      execjs
    coffee-script-source (1.4.0)
    colorize (0.5.8)
    columnize (0.8.9)
    compass (0.12.2)
      chunky_png (~> 1.2)
      fssm (>= 0.2.7)
      sass (~> 3.1)
    compass-rails (1.0.3)
      compass (>= 0.12.2, < 0.14)
    composite_primary_keys (5.0.14)
      activerecord (~> 3.2.0, >= 3.2.9)
    connection_pool (1.2.0)
    crack (0.3.1)
    css_parser (1.3.4)
      addressable
    curb (0.8.3)
    daemons (1.1.9)
    database_cleaner (0.9.1)
    debugger-linecache (1.2.0)
    descendants_tracker (0.0.4)
      thread_safe (~> 0.3, >= 0.3.1)
    devise (2.2.7)
      bcrypt-ruby (~> 3.0)
      orm_adapter (~> 0.1)
      railties (~> 3.1)
      warden (~> 1.2.1)
    devise_google_authenticator-cloudability (0.3.6)
      actionmailer (~> 3.0)
      devise (>= 2.2.0)
      railties (~> 3.0)
      rotp (~> 1.4.0)
    diff-lcs (1.2.5)
    dotenv (0.10.0)
    email_spec (1.4.0)
      launchy (~> 2.1)
      mail (~> 2.2)
    equalizer (0.0.11)
    erubis (2.7.0)
    eventmachine (1.0.0)
    excon (0.16.10)
    execjs (2.7.0)
    faker (1.0.1)
      i18n (~> 0.4)
    fakeredis (0.4.2)
      redis (~> 3.0.0)
    faraday (0.11.0)
      multipart-post (>= 1.2, < 3)
    fastercsv (1.5.5)
    ffi (1.9.3)
    fog (1.10.0)
      builder
      excon (~> 0.14)
      formatador (~> 0.2.0)
      mime-types
      multi_json (~> 1.0)
      net-scp (~> 1.1)
      net-ssh (>= 2.1.3)
      nokogiri (~> 1.5.0)
      ruby-hmac
    foreman (0.63.0)
      dotenv (>= 0.7)
      thor (>= 0.13.6)
    formatador (0.2.4)
    formtastic (2.2.1)
      actionpack (>= 3.0)
    fssm (0.2.9)
    fuubar (1.3.2)
      rspec (>= 2.14.0, < 3.1.0)
      ruby-progressbar (~> 1.3)
    girl_friday (0.11.2)
      connection_pool (~> 1.0)
      rubinius-actor
    grape (0.14.0)
      activesupport
      builder
      hashie (>= 2.1.0)
      multi_json (>= 1.3.2)
      multi_xml (>= 0.5.2)
      rack (>= 1.3.0)
      rack-accept
      rack-mount
      virtus (>= 1.0.0)
    grape-entity (0.3.0)
      activesupport
      multi_json (>= 1.3.2)
    haml (3.1.7)
    has_scope (0.5.1)
    hashie (3.5.7)
    heroku (3.0.1)
      heroku-api (~> 0.3.7)
      launchy (>= 0.3.2)
      netrc (~> 0.7.7)
      rest-client (~> 1.6.1)
      rubyzip
    heroku-api (0.3.7)
      excon (~> 0.16.10)
    hike (1.2.3)
    htmlentities (4.3.4)
    http_spec (0.3.0)
      rspec-core
      values
    httparty (0.10.0)
      multi_json (~> 1.0)
      multi_xml
    i18n (0.6.11)
    ice_nine (0.11.1)
    inherited_resources (1.3.1)
      has_scope (~> 0.5.0)
      responders (~> 0.6)
    jmespath (1.3.1)
    journey (1.0.4)
    jquery-rails (3.1.0)
      railties (>= 3.0, < 5.0)
      thor (>= 0.14, < 2.0)
    jquery-ui-rails (4.1.1)
      railties (>= 3.1.0)
    json (1.8.3)
    json_extractor (1.0.1)
    jwt (1.5.6)
    kaminari (0.14.1)
      actionpack (>= 3.0.0)
      activesupport (>= 3.0.0)
    kgio (2.9.2)
    konacha (1.5.1)
      actionpack (~> 3.1)
      capybara
      colorize
      railties (~> 3.1)
      sprockets
    kss (0.5.0)
    launchy (2.1.2)
      addressable (~> 2.3)
    libwebsocket (0.1.7.1)
      addressable
      websocket
    lograge (0.3.0)
      actionpack (>= 3)
      activesupport (>= 3)
      railties (>= 3)
    mail (2.5.4)
      mime-types (~> 1.16)
      treetop (~> 1.4.8)
    mailcatcher (0.5.10)
      activesupport (~> 3.0)
      eventmachine (~> 1.0.0)
      haml (~> 3.1)
      mail (~> 2.3)
      sinatra (~> 1.2)
      skinny (~> 0.2.3)
      sqlite3 (~> 1.3)
      thin (~> 1.5.0)
    meta_search (1.1.3)
      actionpack (~> 3.1)
      activerecord (~> 3.1)
      activesupport (~> 3.1)
      polyamorous (~> 0.5.0)
    method_source (0.8.2)
    mime-types (1.25.1)
    modular-scale (1.0.2)
      compass (>= 0.11.5)
      sassy-math (>= 1.2)
    mono_logger (1.1.0)
    multi_json (1.12.1)
    multi_xml (0.5.5)
    multipart-post (1.2.0)
    mysql2 (0.3.21)
    net-http-persistent (2.9.4)
    net-scp (1.1.2)
      net-ssh (>= 2.6.5)
    net-ssh (2.8.0)
    netrc (0.7.7)
    nokogiri (1.5.11)
    oauth2 (1.3.1)
      faraday (>= 0.8, < 0.12)
      jwt (~> 1.0)
      multi_json (~> 1.3)
      multi_xml (~> 0.5)
      rack (>= 1.2, < 3)
    omniauth (1.4.2)
      hashie (>= 1.2, < 4)
      rack (>= 1.0, < 3)
    omniauth-openid (1.0.1)
      omniauth (~> 1.0)
      rack-openid (~> 1.3.1)
    omniauth-saml (1.10.0)
      omniauth (~> 1.3, >= 1.3.2)
      ruby-saml (~> 1.7)
    openid_active_record_store (1.0.1)
      rails (>= 3)
    orchestrate (0.10.0)
      faraday (~> 0.9)
      net-http-persistent (~> 2.9)
    orm_adapter (0.4.0)
    parallel (0.6.1)
    parallel_tests (0.13.3)
      parallel
    polyamorous (0.5.0)
      activerecord (~> 3.0)
    polyglot (0.3.5)
    pry (0.9.12.6)
      coderay (~> 1.0)
      method_source (~> 0.8)
      slop (~> 3.4)
    pry-byebug (1.3.2)
      byebug (~> 2.7)
      pry (~> 0.9.12)
    pry-rails (0.3.2)
      pry (>= 0.9.10)
    quiet_assets (1.0.1)
      railties (~> 3.1)
    rack (1.4.7)
    rack-accept (0.4.5)
      rack (>= 0.4)
    rack-cache (1.2)
      rack (>= 0.4)
    rack-git_sha (1.2.0)
    rack-mount (0.8.3)
      rack (>= 1.0.0)
    rack-openid (1.3.1)
      rack (>= 1.1.0)
      ruby-openid (>= 2.1.8)
    rack-protection (1.5.3)
      rack
    rack-ssl (1.3.4)
      rack
    rack-test (0.6.2)
      rack (>= 1.0)
    rack-timeout (0.1.1)
    rails (3.2.21)
      actionmailer (= 3.2.21)
      actionpack (= 3.2.21)
      activerecord (= 3.2.21)
      activeresource (= 3.2.21)
      activesupport (= 3.2.21)
      bundler (~> 1.0)
      railties (= 3.2.21)
    railties (3.2.21)
      actionpack (= 3.2.21)
      activesupport (= 3.2.21)
      rack-ssl (~> 1.3.2)
      rake (>= 0.8.7)
      rdoc (~> 3.4)
      thor (>= 0.14.6, < 2.0)
    raindrops (0.13.0)
    rake (10.3.2)
    rdoc (3.12.2)
      json (~> 1.4)
    recaptcha (4.6.4)
      json
    redis (3.0.7)
    redis-namespace (1.5.2)
      redis (~> 3.0, >= 3.0.4)
    responders (0.9.3)
      railties (~> 3.1)
    resque (1.26.0)
      mono_logger (~> 1.0)
      multi_json (~> 1.0)
      redis-namespace (~> 1.3)
      sinatra (>= 0.9.2)
      vegas (~> 0.1.2)
    resque-cleaner (0.2.10)
      resque (~> 1.0)
    resque-loner (1.3.0)
      resque (~> 1.0)
    resque-metrics (0.0.6)
      resque (~> 1.19)
    resque-pause (0.1.0)
      multi_json (~> 1.0)
      resque (>= 1.9.10)
    resque-scheduler (2.0.0)
      redis (>= 2.0.1)
      resque (>= 1.20.0)
      rufus-scheduler
    resque-superman (0.0.2)
      resque (>= 1.25.0)
    resque_spec (0.15.0)
      resque (>= 1.19.0)
      rspec-core (>= 2.5.0)
      rspec-expectations (>= 2.5.0)
      rspec-mocks (>= 2.5.0)
    rest-client (1.6.7)
      mime-types (>= 1.16)
    rfc822 (0.1.5)
    roadie (2.3.4)
      actionmailer (> 3.0.0, < 3.3.0)
      css_parser
      nokogiri (>= 1.4.4)
      sprockets
    roo (2.2.0)
      nokogiri (~> 1)
      rubyzip (~> 1.1, < 2.0.0)
    rotp (1.4.6)
    rspec (2.14.1)
      rspec-core (~> 2.14.0)
      rspec-expectations (~> 2.14.0)
      rspec-mocks (~> 2.14.0)
    rspec-core (2.14.8)
    rspec-expectations (2.14.5)
      diff-lcs (>= 1.1.3, < 2.0)
    rspec-mocks (2.14.6)
    rspec-rails (2.14.1)
      actionpack (>= 3.0)
      activemodel (>= 3.0)
      activesupport (>= 3.0)
      railties (>= 3.0)
      rspec-core (~> 2.14.0)
      rspec-expectations (~> 2.14.0)
      rspec-mocks (~> 2.14.0)
    rspec_junit_formatter (0.2.2)
      builder (< 4)
      rspec-core (>= 2, < 4, != 2.12.0)
    rubinius-actor (0.0.2)
      rubinius-core-api
    rubinius-core-api (0.0.1)
    ruby-hmac (0.4.0)
    ruby-openid (2.2.2)
    ruby-progressbar (1.4.2)
    ruby-saml (1.7.2)
      nokogiri (>= 1.5.10)
    rubyzip (1.1.0)
    rufus-scheduler (2.0.17)
      tzinfo (>= 0.3.23)
    sass (3.2.7)
    sass-rails (3.2.5)
      railties (~> 3.2.0)
      sass (>= 3.1.10)
      tilt (~> 1.3)
    sassy-math (1.2)
      compass (~> 0.11)
    secure_headers (0.5.0)
      brwsr (>= 1.1.1)
    selenium-webdriver (2.27.2)
      childprocess (>= 0.2.5)
      libwebsocket (~> 0.1.3)
      multi_json (~> 1.0)
      rubyzip
    shoulda (3.5.0)
      shoulda-context (~> 1.0, >= 1.0.1)
      shoulda-matchers (>= 1.4.1, < 3.0)
    shoulda-context (1.1.6)
    shoulda-matchers (2.5.0)
      activesupport (>= 3.0.0)
    simplecov (0.7.1)
      multi_json (~> 1.0)
      simplecov-html (~> 0.7.1)
    simplecov-html (0.7.1)
    sinatra (1.4.6)
      rack (~> 1.4)
      rack-protection (~> 1.4)
      tilt (>= 1.3, < 3)
    skinny (0.2.3)
      eventmachine (~> 1.0.0)
      thin (~> 1.5.0)
    slop (3.4.7)
    sprockets (2.2.3)
      hike (~> 1.2)
      multi_json (~> 1.0)
      rack (~> 1.0)
      tilt (~> 1.1, != 1.3.0)
    sqlite3 (1.3.6)
    state_machine (1.2.0)
    statsd-ruby (1.3.0)
    stripe (1.7.8)
      multi_json (>= 1.0.4, < 2)
      rest-client (~> 1.4)
    thin (1.5.0)
      daemons (>= 1.0.9)
      eventmachine (>= 0.12.6)
      rack (>= 1.0.0)
    thor (0.19.1)
    thread_safe (0.3.5)
    tilt (1.4.1)
    timecop (0.5.5)
    transaction_isolation (1.0.3)
      activerecord (>= 3.0.11)
    transaction_retry (1.0.2)
      activerecord (>= 3.0.11)
      transaction_isolation (>= 1.0.2)
    treetop (1.4.15)
      polyglot
      polyglot (>= 0.3.1)
    turbo-sprockets-rails3 (0.3.6)
      railties (> 3.2.8, < 4.0.0)
      sprockets (>= 2.0.0)
    tzinfo (0.3.42)
    uglifier (3.0.1)
      execjs (>= 0.3.0, < 3)
    unf (0.1.4)
      unf_ext
    unf_ext (0.0.6)
    unicorn (4.8.3)
      kgio (~> 2.6)
      rack
      raindrops (~> 0.7)
    upsert (0.5.0)
    values (1.2.1)
    vcr (2.9.2)
    vegas (0.1.11)
      rack (>= 1.0.0)
    virtus (1.0.5)
      axiom-types (~> 0.1)
      coercible (~> 1.0)
      descendants_tracker (~> 0.0, >= 0.0.3)
      equalizer (~> 0.0, >= 0.0.9)
    warden (1.2.3)
      rack (>= 1.0)
    webmock (1.9.0)
      addressable (>= 2.2.7)
      crack (>= 0.1.7)
    websocket (1.0.6)
    xpath (1.0.0)
      nokogiri (~> 1.3)
    yajl-ruby (1.1.0)
    yui-compressor (0.12.0)
    zeroclipboard-rails (0.0.10)
      railties (>= 3.1)
    zip-zip (0.3)
      rubyzip (>= 1.0.0)
    zurb-foundation (3.2.3)
      compass (>= 0.12.2)
      modular-scale (>= 1.0.2)
      rake
      sass (>= 3.2.0)

PLATFORMS
  ruby

DEPENDENCIES
  activeadmin
  airbrake
  analytics-ruby (~> 1.0)
  asset_sync (= 1.1.0)
  awesome_nested_set
  aws-sdk-marketplaceentitlementservice (~> 1)
  aws-sdk-marketplacemetering (~> 1)
  aws-sdk-v1 (~> 1.1)
  axlsx
  bitly-oauth (~> 0.2.3)
  bundler
  cancan (~> 1.6.1)
  chronic
  coffee-rails (~> 3.2.1)
  compass-rails
  composite_primary_keys
  curb
  dalli!
  database_cleaner
  devise (~> 2.2.0)
  devise_google_authenticator-cloudability
  dotenv (= 0.10.0)
  ejs!
  email_spec
  factory_girl!
  factory_girl_rails!
  faker (= 1.0.1)
  fakeredis
  fog
  foreman
  fuubar
  girl_friday
  grape
  grape-entity
  heroku
  http_spec
  httparty
  inherited_resources
  jquery-rails
  jquery-ui-rails
  json_extractor
  jwt
  konacha (~> 1.5)
  kss
  lograge
  mailcatcher
  makara!
  money!
  mysql2 (= 0.3.21)
  omniauth
  omniauth-openid
  omniauth-saml
  openid_active_record_store
  orchestrate
  parallel_tests
  pry-byebug
  pry-rails
  quiet_assets
  rack-git_sha
  rack-test
  rack-timeout
  rails (= 3.2.21)
  recaptcha
  resque
  resque-cleaner
  resque-loner
  resque-metrics
  resque-multi-job-forks!
  resque-pause
  resque-scheduler
  resque-superman
  resque_spec
  rfc822 (~> 0.1.5)
  roadie
  roo
  rspec-rails
  rspec_junit_formatter (= 0.2.2)
  rubyzip (= 1.1.0)
  sass (= 3.2.7)
  sass-rails (~> 3.2.3)
  secure_headers
  shoulda
  shoulda-matchers
  simplecov
  state_machine
  statsd-ruby
  stripe
  timecop
  transaction_isolation
  transaction_retry
  turbo-sprockets-rails3
  uglifier
  unicorn
  upsert (~> 0.5.0)
  vcr
  webmock
  yajl-ruby
  yui-compressor
  zeroclipboard-rails
  zip-zip
  zurb-foundation

BUNDLED WITH
   1.10.6
